PATH
  remote: .
  specs:
    word_censored (0.1.8)

GEM
  remote: https://rubygems.org/
  specs:
    rake (13.1.0)

PLATFORMS
  arm64-darwin-23
  ruby

DEPENDENCIES
  bundler (>= 2.5)
  rake (>= 13.1)
  word_censored!

BUNDLED WITH
   2.5.6
